GEM
  remote: https://rubygems.org/
  specs:
    awesome_print (1.8.0)
    byebug (11.1.1)
    coderay (1.1.2)
    ethon (0.12.0)
      ffi (>= 1.3.0)
    ffi (1.12.2)
    method_source (1.0.0)
    mini_portile2 (2.8.0)
    nokogiri (1.13.3)
      mini_portile2 (~> 2.8.0)
      racc (~> 1.4)
    nori (2.6.0)
    pry (0.13.0)
      coderay (~> 1.1)
      method_source (~> 1.0)
    pry-byebug (3.9.0)
      byebug (~> 11.0)
      pry (~> 0.13.0)
    racc (1.6.0)
    typhoeus (1.3.1)
      ethon (>= 0.9.0)
    xml-simple (1.1.5)
    yahoo_weatherman (2.0.0)
      nokogiri

PLATFORMS
  ruby

DEPENDENCIES
  awesome_print
  nori
  pry-byebug
  typhoeus
  xml-simple
  yahoo_weatherman

BUNDLED WITH
   1.17.2
