GEM
  remote: https://rubygems.org/
  specs:
    activesupport (7.0.0.rc3)
      concurrent-ruby (~> 1.0, >= 1.0.2)
      i18n (>= 1.6, < 2)
      minitest (>= 5.1)
      tzinfo (~> 2.0)
    addressable (2.8.1)
      public_suffix (>= 2.0.2, < 6.0)
    airbrussh (1.4.0)
      sshkit (>= 1.6.1, != 1.7.0)
    amq-protocol (2.3.0)
    buftok (0.2.0)
    bunny (2.14.4)
      amq-protocol (~> 2.3, >= 2.3.0)
    concurrent-ruby (1.1.6)
    domain_name (0.5.20190701)
      unf (>= 0.0.5, < 1.0.0)
    equalizer (0.0.11)
    equatable (0.6.1)
    http (3.3.0)
      addressable (~> 2.3)
      http-cookie (~> 1.0)
      http-form_data (~> 2.0)
      http_parser.rb (~> 0.6.0)
    http-cookie (1.0.3)
      domain_name (~> 0.5)
    http-form_data (2.2.0)
    http_parser.rb (0.6.0)
    i18n (1.8.2)
      concurrent-ruby (~> 1.0)
    memoizable (0.4.2)
      thread_safe (~> 0.3, >= 0.3.1)
    method_source (0.9.2)
    minitest (5.16.3)
    multipart-post (2.1.1)
    naught (1.1.0)
    necromancer (0.5.1)
    net-scp (2.0.0)
      net-ssh (>= 2.6.5, < 6.0.0)
    net-ssh (5.2.0)
    pastel (0.7.3)
      equatable (~> 0.6)
      tty-color (~> 0.5)
    public_suffix (5.0.0)
    runbook (1.0.0)
      activesupport (>= 5.0.1.x, < 7.0)
      airbrussh (~> 1.4)
      method_source (~> 0.9)
      sshkit (= 1.21.0)
      sshkit-sudo (~> 0.1)
      thor (~> 0.20)
      tty-progressbar (~> 0.14)
      tty-prompt (~> 0.20)
    simple_oauth (0.3.1)
    sshkit (1.21.0)
      net-scp (>= 1.1.2)
      net-ssh (>= 2.8.0)
    sshkit-sudo (0.1.0)
      sshkit (~> 1.8)
    strings-ansi (0.1.0)
    thor (0.20.3)
    thread_safe (0.3.6)
    tty-color (0.5.0)
    tty-cursor (0.7.1)
    tty-progressbar (0.17.0)
      strings-ansi (~> 0.1.0)
      tty-cursor (~> 0.7)
      tty-screen (~> 0.7)
      unicode-display_width (~> 1.6)
    tty-prompt (0.20.0)
      necromancer (~> 0.5.0)
      pastel (~> 0.7.0)
      tty-reader (~> 0.7.0)
    tty-reader (0.7.0)
      tty-cursor (~> 0.7)
      tty-screen (~> 0.7)
      wisper (~> 2.0.0)
    tty-screen (0.7.1)
    twitter (6.2.0)
      addressable (~> 2.3)
      buftok (~> 0.2.0)
      equalizer (~> 0.0.11)
      http (~> 3.0)
      http-form_data (~> 2.0)
      http_parser.rb (~> 0.6.0)
      memoizable (~> 0.4.0)
      multipart-post (~> 2.0)
      naught (~> 1.0)
      simple_oauth (~> 0.3.0)
    tzinfo (2.0.5)
      concurrent-ruby (~> 1.0)
    unf (0.1.4)
      unf_ext
    unf_ext (0.0.7.6)
    unicode-display_width (1.6.0)
    wisper (2.0.1)

PLATFORMS
  ruby

DEPENDENCIES
  bunny
  runbook
  twitter

BUNDLED WITH
   2.1.4
